GEM
  remote: https://rubygems.org/
  specs:
    rmagick (2.13.4)

PLATFORMS
  x64-mingw32

DEPENDENCIES
  rmagick
